GEM
  remote: https://rubygems.org/
  specs:
    httparty (0.16.2)
      multi_xml (>= 0.5.2)
    json (2.1.0)
    multi_xml (0.6.0)
    mustermann (1.0.2)
    phonelib (0.6.21)
    rack (2.0.4)
    rack-protection (2.0.1)
      rack
    sinatra (2.0.1)
      mustermann (~> 1.0)
      rack (~> 2.0)
      rack-protection (= 2.0.1)
      tilt (~> 2.0)
    tilt (2.0.8)

PLATFORMS
  ruby

DEPENDENCIES
  httparty
  json
  phonelib
  sinatra

BUNDLED WITH
   1.16.1
